GEM
  remote: https://rubygems.org/
  specs:
    dotenv (0.9.0)
    mime-types (2.0)
    mini-smtp-server (0.0.2)
    rest-client (1.6.7)
      mime-types (>= 1.16)

PLATFORMS
  ruby

DEPENDENCIES
  dotenv
  mini-smtp-server
  rest-client
